GIT
  remote: https://github.com/envygeeks/jekyll-assets.git
  revision: ce5c8cc43df9911e0788f06423a27375ee67c00f
  specs:
    jekyll-assets (4.0.0.alpha)
      activesupport (~> 5.0)
      execjs (~> 2.7)
      extras (~> 0.2)
      fastimage (~> 2.0, >= 1.8)
      jekyll (>= 3.5, < 5.0)
      jekyll-sanity (~> 1.2)
      liquid-tag-parser (~> 1.0)
      nokogiri (~> 1.10)
      pathutil (~> 0.16)
      sassc (>= 1.11, < 3.0)
      sprockets (~> 4.0.beta7)

GEM
  remote: https://rubygems.org/
  specs:
    CFPropertyList (3.0.2)
    activesupport (5.2.2.1)
      concurrent-ruby (~> 1.0, >= 1.0.2)
      i18n (>= 0.7, < 2)
      minitest (~> 5.1)
      tzinfo (~> 1.1)
    addressable (2.7.0)
      public_suffix (>= 2.0.2, < 5.0)
    colorator (1.1.0)
    concurrent-ruby (1.1.5)
    execjs (2.7.0)
    extras (0.3.0)
      forwardable-extended (~> 2.5)
    fastimage (2.1.7)
    ffi (1.12.2)
    forwardable-extended (2.6.0)
    i18n (1.6.0)
      concurrent-ruby (~> 1.0)
    jekyll (3.6.3)
      addressable (~> 2.4)
      colorator (~> 1.0)
      jekyll-sass-converter (~> 1.0)
      jekyll-watch (~> 1.1)
      kramdown (~> 1.14)
      liquid (~> 4.0)
      mercenary (~> 0.3.3)
      pathutil (~> 0.9)
      rouge (>= 1.7, < 3)
      safe_yaml (~> 1.0)
    jekyll-sanity (1.2.0)
      jekyll (~> 3.1)
    jekyll-sass-converter (1.5.2)
      sass (~> 3.4)
    jekyll-watch (1.5.1)
      listen (~> 3.0)
    kramdown (1.17.0)
    liquid (4.0.3)
    liquid-c (4.0.0)
      liquid (>= 3.0.0)
    liquid-tag-parser (1.9.0)
      extras (~> 0.3)
      liquid (>= 3.0, < 5.0)
    listen (3.2.1)
      rb-fsevent (~> 0.10, >= 0.10.3)
      rb-inotify (~> 0.9, >= 0.9.10)
    mercenary (0.3.6)
    mini_portile2 (2.4.0)
    minitest (5.11.3)
    nokogiri (1.10.8)
      mini_portile2 (~> 2.4.0)
    parallel (1.19.1)
    pathutil (0.16.2)
      forwardable-extended (~> 2.6)
    public_suffix (4.0.3)
    rack (2.0.8)
    rake (13.0.1)
    rb-fsevent (0.10.3)
    rb-inotify (0.10.1)
      ffi (~> 1.0)
    rouge (2.2.1)
    safe_yaml (1.0.5)
    sass (3.7.4)
      sass-listen (~> 4.0.0)
    sass-listen (4.0.0)
      rb-fsevent (~> 0.9, >= 0.9.4)
      rb-inotify (~> 0.9, >= 0.9.7)
    sassc (2.2.1)
      ffi (~> 1.9)
    sprockets (4.0.0.beta8)
      concurrent-ruby (~> 1.0)
      rack (> 1, < 3)
    thread_safe (0.3.6)
    tzinfo (1.2.5)
      thread_safe (~> 0.1)
    uglifier (4.1.20)
      execjs (>= 0.3.0, < 3)

PLATFORMS
  ruby

DEPENDENCIES
  CFPropertyList
  activesupport (~> 5.0)
  jekyll
  jekyll-assets!
  liquid-c
  parallel
  rake
  sassc
  sprockets (~> 4.0.beta)
  uglifier (~> 4.0)

BUNDLED WITH
   2.0.2
